GIT
  remote: git://github.com/catarse/moip-ruby.git
  revision: 4d645e232385321a429bef7012e16fdebf9c360e
  specs:
    moip (1.0.2)
      activesupport (>= 2.3.2)
      httparty (~> 0.12.0)
      nokogiri (>= 1.5.0)

GIT
  remote: git://github.com/ncri/validation_reflection.git
  revision: 60320e6beb088808fd625a8d958dbd0d2661d494
  specs:
    validation_reflection (1.0.0)

GIT
  remote: git://github.com/ryanb/cancan.git
  revision: f1cebde51a87be149b4970a3287826bb63c0ac0b
  ref: f1cebde51a87be149b4970a3287826bb63c0ac0b
  branch: 2.0
  specs:
    cancan (2.0.0.alpha)

GEM
  remote: https://rubygems.org/
  specs:
    RedCloth (4.2.9)
    actionmailer (3.2.13)
      actionpack (= 3.2.13)
      mail (~> 2.5.3)
    actionpack (3.2.13)
      activemodel (= 3.2.13)
      activesupport (= 3.2.13)
      builder (~> 3.0.0)
      erubis (~> 2.7.0)
      journey (~> 1.0.4)
      rack (~> 1.4.5)
      rack-cache (~> 1.2)
      rack-test (~> 0.6.1)
      sprockets (~> 2.2.1)
    active_utils (2.0.2)
      activesupport (>= 2.3.11)
      i18n
    activemerchant (1.42.7)
      active_utils (~> 2.0, >= 2.0.1)
      activesupport (>= 2.3.14, < 5.0.0)
      builder (>= 2.1.2, < 4.0.0)
      i18n (~> 0.5)
      json (~> 1.7)
      money (< 7.0.0)
      nokogiri (~> 1.4)
    activemodel (3.2.13)
      activesupport (= 3.2.13)
      builder (~> 3.0.0)
    activerecord (3.2.13)
      activemodel (= 3.2.13)
      activesupport (= 3.2.13)
      arel (~> 3.0.2)
      tzinfo (~> 0.3.29)
    activeresource (3.2.13)
      activemodel (= 3.2.13)
      activesupport (= 3.2.13)
    activesupport (3.2.13)
      i18n (= 0.6.1)
      multi_json (~> 1.0)
    addressable (2.3.6)
    arel (3.0.3)
    atomic (1.1.16)
    auto_html (1.4.2)
      RedCloth
      redcarpet
      rinku
      tag_helper
    bcrypt (3.1.7)
    best_in_place (2.1.0)
      jquery-rails
      rails (~> 3.1)
    better_errors (1.1.0)
      coderay (>= 1.0.0)
      erubis (>= 2.6.6)
    binding_of_caller (0.7.2)
      debug_inspector (>= 0.0.1)
    builder (3.0.4)
    capybara (2.0.3)
      mime-types (>= 1.16)
      nokogiri (>= 1.3.3)
      rack (>= 1.0.0)
      rack-test (>= 0.5.4)
      selenium-webdriver (~> 2.0)
      xpath (~> 1.0.0)
    carrierwave (0.8.0)
      activemodel (>= 3.2.0)
      activesupport (>= 3.2.0)
    celluloid (0.15.2)
      timers (~> 1.1.0)
    chartkick (1.2.4)
    childprocess (0.5.2)
      ffi (~> 1.0, >= 1.0.11)
    chunky_png (1.3.0)
    coderay (1.1.0)
    coffee-rails (3.2.2)
      coffee-script (>= 2.2.0)
      railties (~> 3.2.0)
    coffee-script (2.2.0)
      coffee-script-source
      execjs
    coffee-script-source (1.7.0)
    compass (0.12.4)
      chunky_png (~> 1.2)
      fssm (>= 0.2.7)
      sass (~> 3.2.17)
    compass-960-plugin (0.10.4)
      compass (>= 0.10.0)
    compass-rails (1.1.7)
      compass (>= 0.12.2)
      sprockets (<= 2.11.0)
    connection_pool (2.0.0)
    country-select (1.1.1)
    coveralls (0.7.0)
      multi_json (~> 1.3)
      rest-client
      simplecov (>= 0.7)
      term-ansicolor
      thor
    curb (0.8.5)
    daemons (1.1.9)
    database_cleaner (1.2.0)
    debug_inspector (0.0.2)
    devise (3.2.4)
      bcrypt (~> 3.0)
      orm_adapter (~> 0.1)
      railties (>= 3.2.6, < 5)
      thread_safe (~> 0.1)
      warden (~> 1.2.3)
    diff-lcs (1.2.5)
    docile (1.1.3)
    dotenv (0.10.0)
    draper (1.3.0)
      actionpack (>= 3.0)
      activemodel (>= 3.0)
      activesupport (>= 3.0)
      request_store (~> 1.0.3)
    enumerate_it (1.2.1)
      activesupport (>= 3.0.0)
    erubis (2.7.0)
    eventmachine (1.0.3)
    excon (0.32.1)
    execjs (2.0.2)
    ezcrypto (0.7.2)
    factory_girl (4.4.0)
      activesupport (>= 3.0.0)
    factory_girl_rails (4.4.1)
      factory_girl (~> 4.4.0)
      railties (>= 3.0.0)
    faraday (0.9.0)
      multipart-post (>= 1.2, < 3)
    feedzirra (0.7.1)
      curb (~> 0.8.1)
      loofah (~> 1.2.1)
      sax-machine (~> 0.2.1)
    ffi (1.9.3)
    fog (1.21.0)
      fog-brightbox
      fog-core (~> 1.21, >= 1.21.1)
      fog-json
      nokogiri (~> 1.5, >= 1.5.11)
    fog-brightbox (0.0.1)
      fog-core
      fog-json
    fog-core (1.21.1)
      builder
      excon (~> 0.32)
      formatador (~> 0.2.0)
      mime-types
      net-scp (~> 1.1)
      net-ssh (>= 2.1.3)
    fog-json (1.0.0)
      multi_json (~> 1.0)
    foreman (0.63.0)
      dotenv (>= 0.7)
      thor (>= 0.13.6)
    formatador (0.2.4)
    formtastic (2.1.1)
      actionpack (~> 3.0)
    fssm (0.2.10)
    has_scope (0.5.1)
    hashie (2.0.5)
    heroku-deflater (0.5.3)
      rack (>= 1.4.5)
    hike (1.2.3)
    htmlentities (4.3.1)
    http_accept_language (2.0.1)
    httparty (0.12.0)
      json (~> 1.8)
      multi_xml (>= 0.5.2)
    httpauth (0.2.1)
    httpclient (2.3.4.1)
    i18n (0.6.1)
    inherited_resources (1.3.1)
      has_scope (~> 0.5.0)
      responders (~> 0.6)
    initjs (2.1.1)
      jquery-rails
      rails (>= 3.1)
    jasmine (2.0.0)
      jasmine-core (~> 2.0.0)
      phantomjs
      rack (>= 1.2.1)
      rake
    jasmine-core (2.0.0)
    journey (1.0.4)
    jquery-rails (3.1.0)
      railties (>= 3.0, < 5.0)
      thor (>= 0.14, < 2.0)
    json (1.8.1)
    jsonschema (2.0.2)
    jwt (0.1.11)
      multi_json (>= 1.5)
    kaminari (0.15.1)
      actionpack (>= 3.0.0)
      activesupport (>= 3.0.0)
    kgio (2.9.2)
    launchy (2.4.2)
      addressable (~> 2.3)
    letter_opener (1.2.0)
      launchy (~> 2.2)
    loofah (1.2.1)
      nokogiri (>= 1.4.4)
    mail (2.5.4)
      mime-types (~> 1.16)
      treetop (~> 1.4.8)
    mime-types (1.25.1)
    mini_portile (0.5.3)
    money (5.1.1)
      i18n (~> 0.6.0)
    multi_json (1.9.2)
    multi_xml (0.5.5)
    multipart-post (2.0.0)
    net-scp (1.1.2)
      net-ssh (>= 2.6.5)
    net-ssh (2.8.0)
    newrelic_rpm (3.7.3.204)
    nokogiri (1.6.1)
      mini_portile (~> 0.5.0)
    oauth (0.4.7)
    oauth2 (0.8.1)
      faraday (~> 0.8)
      httpauth (~> 0.1)
      jwt (~> 0.1.4)
      multi_json (~> 1.0)
      rack (~> 1.2)
    omniauth (1.2.1)
      hashie (>= 1.2, < 3)
      rack (~> 1.0)
    omniauth-facebook (1.4.0)
      omniauth-oauth2 (~> 1.0.2)
    omniauth-oauth (1.0.1)
      oauth
      omniauth (~> 1.0)
    omniauth-oauth2 (1.0.3)
      oauth2 (~> 0.8.0)
      omniauth (~> 1.0)
    omniauth-twitter (1.0.1)
      multi_json (~> 1.3)
      omniauth-oauth (~> 1.0)
    orm_adapter (0.5.0)
    paper_trail (2.7.2)
      activerecord (~> 3.0)
      railties (~> 3.0)
    paypal_adaptive (0.3.7)
      json (~> 1.0)
      jsonschema (~> 2.0.0)
    pg (0.17.1)
    pg_search (0.7.3)
      activerecord (>= 3.1)
      activesupport (>= 3.1)
      arel
    phantomjs (1.9.7.0)
    polyglot (0.3.4)
    postgres-copy (0.6.0)
      activerecord (>= 3.0.0)
      pg
      rails (>= 3.0.0)
      responders
    rack (1.4.5)
    rack-cache (1.2)
      rack (>= 0.4)
    rack-mini-profiler (0.9.1)
      rack (>= 1.1.3)
    rack-protection (1.5.2)
      rack
    rack-ssl (1.3.4)
      rack
    rack-test (0.6.2)
      rack (>= 1.0)
    rack-timeout (0.0.4)
    rails (3.2.13)
      actionmailer (= 3.2.13)
      actionpack (= 3.2.13)
      activerecord (= 3.2.13)
      activeresource (= 3.2.13)
      activesupport (= 3.2.13)
      bundler (~> 1.0)
      railties (= 3.2.13)
    rails_autolink (1.0.9)
      rails (~> 3.1)
    railties (3.2.13)
      actionpack (= 3.2.13)
      activesupport (= 3.2.13)
      rack-ssl (~> 1.3.2)
      rake (>= 0.8.7)
      rdoc (~> 3.4)
      thor (>= 0.14.6, < 2.0)
    raindrops (0.13.0)
    rake (10.2.2)
    ranked-model (0.4.0)
      activerecord (>= 3.1.12)
    rdoc (3.12.2)
      json (~> 1.4)
    redcarpet (3.1.1)
    redis (3.0.7)
    redis-namespace (1.4.1)
      redis (~> 3.0.4)
    request_store (1.0.5)
    responders (0.9.3)
      railties (~> 3.1)
    rest-client (1.6.7)
      mime-types (>= 1.16)
    rinku (1.7.3)
    rmagick (2.13.2)
    routing-filter (0.3.1)
      actionpack
    rspec-core (2.14.8)
    rspec-expectations (2.14.5)
      diff-lcs (>= 1.1.3, < 2.0)
    rspec-mocks (2.14.6)
    rspec-rails (2.14.2)
      actionpack (>= 3.0)
      activemodel (>= 3.0)
      activesupport (>= 3.0)
      railties (>= 3.0)
      rspec-core (~> 2.14.0)
      rspec-expectations (~> 2.14.0)
      rspec-mocks (~> 2.14.0)
    rubyzip (1.1.2)
    sass (3.2.18)
    sass-rails (3.2.6)
      railties (~> 3.2.0)
      sass (>= 3.1.10)
      tilt (~> 1.3)
    sax-machine (0.2.1)
      nokogiri (~> 1.6.0)
    schema_associations (1.2.0)
      schema_plus (>= 1.2.0)
    schema_plus (1.4.1)
      rails (>= 3.2)
      valuable
    selenium-webdriver (2.41.0)
      childprocess (>= 0.5.0)
      multi_json (~> 1.0)
      rubyzip (~> 1.0)
      websocket (~> 1.0.4)
    shoulda (3.5.0)
      shoulda-context (~> 1.0, >= 1.0.1)
      shoulda-matchers (>= 1.4.1, < 3.0)
    shoulda-context (1.2.0)
    shoulda-matchers (2.5.0)
      activesupport (>= 3.0.0)
    sidekiq (2.13.1)
      celluloid (>= 0.14.1)
      connection_pool (>= 1.0.0)
      json
      redis (>= 3.0)
      redis-namespace
    simplecov (0.8.2)
      docile (~> 1.1.0)
      multi_json
      simplecov-html (~> 0.8.0)
    simplecov-html (0.8.0)
    sinatra (1.4.4)
      rack (~> 1.4)
      rack-protection (~> 1.4)
      tilt (~> 1.3, >= 1.3.4)
    slim (1.3.9)
      temple (~> 0.6.3)
      tilt (~> 1.3, >= 1.3.3)
    slim-rails (1.1.1)
      actionpack (>= 3.0, < 4.1)
      activesupport (>= 3.0, < 4.1)
      railties (>= 3.0, < 4.1)
      slim (~> 1.3)
    spectator-validates_email (0.2.0)
      activemodel (>= 3.0.0)
    sprockets (2.2.2)
      hike (~> 1.2)
      multi_json (~> 1.0)
      rack (~> 1.0)
      tilt (~> 1.1, != 1.3.0)
    state_machine (1.2.0)
    tag_helper (0.0.3)
    temple (0.6.7)
    term-ansicolor (1.3.0)
      tins (~> 1.0)
    thin (1.6.2)
      daemons (>= 1.0.9)
      eventmachine (>= 1.0.0)
      rack (>= 1.0.0)
    thor (0.19.1)
    thread_safe (0.3.1)
      atomic (>= 1.1.7, < 2)
    tilt (1.4.1)
    timers (1.1.0)
    tins (1.0.1)
    treetop (1.4.15)
      polyglot
      polyglot (>= 0.3.1)
    truncate_html (0.9.2)
    tzinfo (0.3.39)
    uglifier (2.5.0)
      execjs (>= 0.3.0)
      json (>= 1.8.0)
    unicorn (4.8.2)
      kgio (~> 2.6)
      rack
      raindrops (~> 0.7)
    valuable (0.9.8)
    video_info (2.3.0)
      addressable
      htmlentities
      multi_json
    warden (1.2.3)
      rack (>= 1.0)
    websocket (1.0.7)
    weekdays (1.0.2)
    xpath (1.0.0)
      nokogiri (~> 1.3)

PLATFORMS
  ruby

DEPENDENCIES
  RedCloth
  activemerchant (>= 1.17.0)
  auto_html (= 1.4.2)
  best_in_place
  better_errors
  binding_of_caller
  cancan!
  capybara (~> 2.0.2)
  carrierwave (~> 0.8.0)
  chartkick
  coffee-rails
  compass-960-plugin
  compass-rails
  country-select
  coveralls
  database_cleaner
  devise
  draper
  enumerate_it
  ezcrypto
  factory_girl_rails
  feedzirra (= 0.7.1)
  fog (>= 1.3.1)
  foreman
  formtastic (~> 2.1.1)
  has_scope
  heroku-deflater (>= 0.4.1)
  http_accept_language
  httpclient (>= 2.2.5)
  inherited_resources (= 1.3.1)
  initjs
  jasmine
  jquery-rails
  kaminari
  launchy
  letter_opener
  moip!
  money
  newrelic_rpm
  omniauth
  omniauth-facebook (= 1.4.0)
  omniauth-twitter
  paper_trail (~> 2.7.1)
  paypal_adaptive
  pg
  pg_search
  postgres-copy
  rack-mini-profiler
  rack-timeout
  rails (= 3.2.13)
  rails_autolink (~> 1.0.7)
  ranked-model
  rmagick
  routing-filter
  rspec-rails
  sass-rails
  schema_associations
  schema_plus
  shoulda
  sidekiq (~> 2.13.0)
  sinatra
  slim-rails (~> 1.1.1)
  spectator-validates_email
  state_machine
  thin
  truncate_html (~> 0.9.2)
  uglifier
  unicorn
  validation_reflection!
  video_info (>= 1.1.1)
  weekdays
